GEM
  remote: http://rubygems.org/
  specs:
    coffee-script (2.2.0)
      coffee-script-source
      execjs
    coffee-script-source (1.6.3)
    execjs (2.0.2)
    hike (1.2.3)
    mime-types (1.25)
    multi_json (1.8.1)
    pg (0.17.0)
    rack (1.5.2)
    rack-protection (1.5.0)
      rack
    rake (10.1.0)
    rest-client (1.6.7)
      mime-types (>= 1.16)
    sass (3.2.12)
    sinatra (1.4.3)
      rack (~> 1.4)
      rack-protection (~> 1.4)
      tilt (~> 1.3, >= 1.3.4)
    sinatra-asset-pipeline (0.2.1)
      coffee-script
      rake
      sass
      sinatra
      sprockets
      sprockets-helpers
      sprockets-sass
    sprockets (2.10.0)
      hike (~> 1.2)
      multi_json (~> 1.0)
      rack (~> 1.0)
      tilt (~> 1.1, != 1.3.0)
    sprockets-helpers (1.0.1)
      sprockets (~> 2.0)
    sprockets-sass (1.0.2)
      sprockets (~> 2.0)
      tilt (~> 1.1)
    stripe (1.8.7)
      multi_json (>= 1.0.4, < 2)
      rest-client (~> 1.4)
    tilt (1.4.1)

PLATFORMS
  ruby

DEPENDENCIES
  pg
  sinatra (~> 1.4.3)
  sinatra-asset-pipeline
  stripe (~> 1.8.7)
